GEM
  remote: https://rubygems.org/
  specs:
    dotenv (2.0.2)
    mustermann (1.0.0)
    rack (2.0.3)
    rack-protection (2.0.0)
      rack
    sinatra (2.0.0)
      mustermann (~> 1.0)
      rack (~> 2.0)
      rack-protection (= 2.0.0)
      tilt (~> 2.0)
    tilt (2.0.8)

PLATFORMS
  ruby

DEPENDENCIES
  dotenv (= 2.0.2)
  sinatra (= 2.0.0)

RUBY VERSION
   ruby 2.5.0p0

BUNDLED WITH
   1.16.1
