GEM
  remote: https://rubygems.org/
  specs:
    dotenv (2.0.2)
    rack (1.6.4)
    rack-protection (1.5.3)
      rack
    sinatra (1.4.6)
      rack (~> 1.4)
      rack-protection (~> 1.4)
      tilt (>= 1.3, < 3)
    tilt (2.0.1)

PLATFORMS
  ruby

DEPENDENCIES
  dotenv (= 2.0.2)
  sinatra (= 1.4.6)

RUBY VERSION
   ruby 2.4.1p111

BUNDLED WITH
   1.14.6
